

GROUP bdd_deps
STORAGE: NONE
RESTRICTION: == net6.0
NUGET
  remote: https://api.nuget.org/v3/index.json
    BouncyCastle.Cryptography (2.2.1)
    Google.Protobuf (3.25.2)
    K4os.Compression.LZ4 (1.3.6)
    K4os.Compression.LZ4.Streams (1.3.6)
      K4os.Compression.LZ4 (>= 1.3.6)
      K4os.Hash.xxHash (>= 1.0.8)
      System.IO.Pipelines (>= 6.0.3)
    K4os.Hash.xxHash (1.0.8)
    Microsoft.NETCore.Platforms (7.0.4)
    Microsoft.NETCore.Targets (5.0)
    MySql.Data (8.2)
      BouncyCastle.Cryptography (>= 2.2.1)
      Google.Protobuf (>= 3.21.9)
      K4os.Compression.LZ4.Streams (>= 1.3.5)
      System.Buffers (>= 4.5.1)
      System.Configuration.ConfigurationManager (>= 4.4.1)
      System.Diagnostics.DiagnosticSource (>= 7.0.2)
      System.Runtime.CompilerServices.Unsafe (>= 6.0)
      System.Runtime.Loader (>= 4.3)
      System.Security.Permissions (>= 4.7)
      System.Text.Encoding.CodePages (>= 4.4)
      System.Text.Json (>= 7.0.1)
      System.Threading.Tasks.Extensions (>= 4.5.4)
      ZstdSharp.Port (>= 0.7.1)
    System.Buffers (4.5.1)
    System.Configuration.ConfigurationManager (8.0)
      System.Security.Cryptography.ProtectedData (>= 8.0)
    System.Diagnostics.DiagnosticSource (8.0)
      System.Runtime.CompilerServices.Unsafe (>= 6.0)
    System.IO (4.3)
      Microsoft.NETCore.Platforms (>= 1.1)
      Microsoft.NETCore.Targets (>= 1.1)
      System.Runtime (>= 4.3)
      System.Text.Encoding (>= 4.3)
      System.Threading.Tasks (>= 4.3)
    System.IO.Pipelines (8.0)
    System.Reflection (4.3)
      Microsoft.NETCore.Platforms (>= 1.1)
      Microsoft.NETCore.Targets (>= 1.1)
      System.IO (>= 4.3)
      System.Reflection.Primitives (>= 4.3)
      System.Runtime (>= 4.3)
    System.Reflection.Primitives (4.3)
      Microsoft.NETCore.Platforms (>= 1.1)
      Microsoft.NETCore.Targets (>= 1.1)
      System.Runtime (>= 4.3)
    System.Runtime (4.3.1)
      Microsoft.NETCore.Platforms (>= 1.1.1)
      Microsoft.NETCore.Targets (>= 1.1.3)
    System.Runtime.CompilerServices.Unsafe (6.0)
    System.Runtime.Loader (4.3)
      System.IO (>= 4.3)
      System.Reflection (>= 4.3)
      System.Runtime (>= 4.3)
    System.Security.Cryptography.ProtectedData (8.0)
    System.Security.Permissions (8.0)
      System.Windows.Extensions (>= 8.0)
    System.Text.Encoding (4.3)
      Microsoft.NETCore.Platforms (>= 1.1)
      Microsoft.NETCore.Targets (>= 1.1)
      System.Runtime (>= 4.3)
    System.Text.Encoding.CodePages (8.0)
      System.Runtime.CompilerServices.Unsafe (>= 6.0)
    System.Text.Encodings.Web (8.0)
      System.Runtime.CompilerServices.Unsafe (>= 6.0)
    System.Text.Json (8.0.1)
      System.Runtime.CompilerServices.Unsafe (>= 6.0)
      System.Text.Encodings.Web (>= 8.0)
    System.Threading.Tasks (4.3)
      Microsoft.NETCore.Platforms (>= 1.1)
      Microsoft.NETCore.Targets (>= 1.1)
      System.Runtime (>= 4.3)
    System.Threading.Tasks.Extensions (4.5.4)
    System.Windows.Extensions (8.0)
    ZstdSharp.Port (0.7.4)
